GEM
  remote: https://rubygems.org/
  specs:
    actioncable (6.0.3.5)
      actionpack (= 6.0.3.5)
      nio4r (~> 2.0)
      websocket-driver (>= 0.6.1)
    actionmailbox (6.0.3.5)
      actionpack (= 6.0.3.5)
      activejob (= 6.0.3.5)
      activerecord (= 6.0.3.5)
      activestorage (= 6.0.3.5)
      activesupport (= 6.0.3.5)
      mail (>= 2.7.1)
    actionmailer (6.0.3.5)
      actionpack (= 6.0.3.5)
      actionview (= 6.0.3.5)
      activejob (= 6.0.3.5)
      mail (~> 2.5, >= 2.5.4)
      rails-dom-testing (~> 2.0)
    actionpack (6.0.3.5)
      actionview (= 6.0.3.5)
      activesupport (= 6.0.3.5)
      rack (~> 2.0, >= 2.0.8)
      rack-test (>= 0.6.3)
      rails-dom-testing (~> 2.0)
      rails-html-sanitizer (~> 1.0, >= 1.2.0)
    actionpack-action_caching (1.2.1)
      actionpack (>= 4.0.0)
    actiontext (6.0.3.5)
      actionpack (= 6.0.3.5)
      activerecord (= 6.0.3.5)
      activestorage (= 6.0.3.5)
      activesupport (= 6.0.3.5)
      nokogiri (>= 1.8.5)
    actionview (6.0.3.5)
      activesupport (= 6.0.3.5)
      builder (~> 3.1)
      erubi (~> 1.4)
      rails-dom-testing (~> 2.0)
      rails-html-sanitizer (~> 1.1, >= 1.2.0)
    activejob (6.0.3.5)
      activesupport (= 6.0.3.5)
      globalid (>= 0.3.6)
    activemodel (6.0.3.5)
      activesupport (= 6.0.3.5)
    activerecord (6.0.3.5)
      activemodel (= 6.0.3.5)
      activesupport (= 6.0.3.5)
    activestorage (6.0.3.5)
      actionpack (= 6.0.3.5)
      activejob (= 6.0.3.5)
      activerecord (= 6.0.3.5)
      marcel (~> 0.3.1)
    activesupport (6.0.3.5)
      concurrent-ruby (~> 1.0, >= 1.0.2)
      i18n (>= 0.7, < 2)
      minitest (~> 5.1)
      tzinfo (~> 1.1)
      zeitwerk (~> 2.2, >= 2.2.2)
    addressable (2.8.0)
      public_suffix (>= 2.0.2, < 5.0)
    archive-zip (0.12.0)
      io-like (~> 0.3.0)
    awesome_print (1.9.2)
    better_errors (2.9.1)
      coderay (>= 1.0.0)
      erubi (>= 1.0.0)
      rack (>= 0.9.0)
    bindex (0.8.1)
    binding_of_caller (1.0.0)
      debug_inspector (>= 0.0.1)
    builder (3.2.4)
    byebug (11.1.3)
    capistrano (2.15.9)
      highline
      net-scp (>= 1.0.0)
      net-sftp (>= 2.0.0)
      net-ssh (>= 2.0.14)
      net-ssh-gateway (>= 1.1.0)
    capybara (3.35.3)
      addressable
      mini_mime (>= 0.1.3)
      nokogiri (~> 1.8)
      rack (>= 1.6.0)
      rack-test (>= 0.6.3)
      regexp_parser (>= 1.5, < 3.0)
      xpath (~> 3.2)
    childprocess (3.0.0)
    chromedriver-helper (2.1.1)
      archive-zip (~> 0.10)
      nokogiri (~> 1.8)
    coderay (1.1.3)
    concurrent-ruby (1.1.8)
    crass (1.0.6)
    debug_inspector (1.0.0)
    diff-lcs (1.4.4)
    dotenv (2.7.6)
    dotenv-rails (2.7.6)
      dotenv (= 2.7.6)
      railties (>= 3.2)
    erubi (1.10.0)
    execjs (2.7.0)
    ffi (1.15.0)
    globalid (0.4.2)
      activesupport (>= 4.2.0)
    highline (2.0.3)
    i18n (1.8.9)
      concurrent-ruby (~> 1.0)
    io-like (0.3.1)
    jquery-rails (4.4.0)
      rails-dom-testing (>= 1, < 3)
      railties (>= 4.2.0)
      thor (>= 0.14, < 2.0)
    listen (3.1.5)
      rb-fsevent (~> 0.9, >= 0.9.4)
      rb-inotify (~> 0.9, >= 0.9.7)
      ruby_dep (~> 1.2)
    loofah (2.9.0)
      crass (~> 1.0.2)
      nokogiri (>= 1.5.9)
    mail (2.7.1)
      mini_mime (>= 0.1.1)
    marcel (0.3.3)
      mimemagic (~> 0.3.2)
    method_source (1.0.0)
    mimemagic (0.3.10)
      nokogiri (~> 1)
      rake
    mini_mime (1.0.2)
    mini_portile2 (2.5.0)
    minitest (5.14.4)
    net-scp (3.0.0)
      net-ssh (>= 2.6.5, < 7.0.0)
    net-sftp (3.0.0)
      net-ssh (>= 5.0.0, < 7.0.0)
    net-ssh (6.1.0)
    net-ssh-gateway (2.0.0)
      net-ssh (>= 4.0.0)
    nio4r (2.5.7)
    nokogiri (1.11.2)
      mini_portile2 (~> 2.5.0)
      racc (~> 1.4)
    open4 (1.3.4)
    parallel (1.20.1)
    public_suffix (4.0.6)
    puma (5.2.2)
      nio4r (~> 2.0)
    racc (1.5.2)
    rack (2.2.3)
    rack-test (1.1.0)
      rack (>= 1.0, < 3)
    rails (6.0.3.5)
      actioncable (= 6.0.3.5)
      actionmailbox (= 6.0.3.5)
      actionmailer (= 6.0.3.5)
      actionpack (= 6.0.3.5)
      actiontext (= 6.0.3.5)
      actionview (= 6.0.3.5)
      activejob (= 6.0.3.5)
      activemodel (= 6.0.3.5)
      activerecord (= 6.0.3.5)
      activestorage (= 6.0.3.5)
      activesupport (= 6.0.3.5)
      bundler (>= 1.3.0)
      railties (= 6.0.3.5)
      sprockets-rails (>= 2.0.0)
    rails-dom-testing (2.0.3)
      activesupport (>= 4.2.0)
      nokogiri (>= 1.6)
    rails-html-sanitizer (1.3.0)
      loofah (~> 2.3)
    railties (6.0.3.5)
      actionpack (= 6.0.3.5)
      activesupport (= 6.0.3.5)
      method_source
      rake (>= 0.8.7)
      thor (>= 0.20.3, < 2.0)
    rake (13.0.3)
    rb-fsevent (0.10.4)
    rb-inotify (0.10.1)
      ffi (~> 1.0)
    recap (1.2.2)
      capistrano (~> 2.9)
      open4
      thor
    regexp_parser (2.1.1)
    rspec-core (3.10.1)
      rspec-support (~> 3.10.0)
    rspec-expectations (3.10.1)
      diff-lcs (>= 1.2.0, < 2.0)
      rspec-support (~> 3.10.0)
    rspec-mocks (3.10.2)
      diff-lcs (>= 1.2.0, < 2.0)
      rspec-support (~> 3.10.0)
    rspec-rails (5.0.0)
      actionpack (>= 5.2)
      activesupport (>= 5.2)
      railties (>= 5.2)
      rspec-core (~> 3.10)
      rspec-expectations (~> 3.10)
      rspec-mocks (~> 3.10)
      rspec-support (~> 3.10)
    rspec-support (3.10.2)
    ruby-progressbar (1.11.0)
    ruby_dep (1.5.0)
    rubyzip (2.3.0)
    sassc (2.4.0)
      ffi (~> 1.9)
    sassc-rails (2.1.2)
      railties (>= 4.0.0)
      sassc (>= 2.0)
      sprockets (> 3.0)
      sprockets-rails
      tilt
    selenium-webdriver (3.142.7)
      childprocess (>= 0.5, < 4.0)
      rubyzip (>= 1.2.2)
    sitemap_generator (6.1.2)
      builder (~> 3.0)
    slim (4.1.0)
      temple (>= 0.7.6, < 0.9)
      tilt (>= 2.0.6, < 2.1)
    slim-rails (3.2.0)
      actionpack (>= 3.1)
      railties (>= 3.1)
      slim (>= 3.0, < 5.0)
    sprockets (4.0.2)
      concurrent-ruby (~> 1.0)
      rack (> 1, < 3)
    sprockets-rails (3.2.2)
      actionpack (>= 4.0)
      activesupport (>= 4.0)
      sprockets (>= 3.0.0)
    sqlite3 (1.4.2)
    strings-ansi (0.2.0)
    temple (0.8.2)
    thor (1.1.0)
    thread_safe (0.3.6)
    tilt (2.0.10)
    tty-cursor (0.7.1)
    tty-progressbar (0.18.2)
      strings-ansi (~> 0.2)
      tty-cursor (~> 0.7)
      tty-screen (~> 0.8)
      unicode-display_width (>= 1.6, < 3.0)
    tty-screen (0.8.1)
    turbolinks (5.2.1)
      turbolinks-source (~> 5.2)
    turbolinks-source (5.2.0)
    tzinfo (1.2.9)
      thread_safe (~> 0.1)
    uglifier (4.2.0)
      execjs (>= 0.3.0, < 3)
    unicode-display_width (2.0.0)
    web-console (4.1.0)
      actionview (>= 6.0.0)
      activemodel (>= 6.0.0)
      bindex (>= 0.4.0)
      railties (>= 6.0.0)
    webdrivers (4.6.0)
      nokogiri (~> 1.6)
      rubyzip (>= 1.3.0)
      selenium-webdriver (>= 3.0, < 4.0)
    websocket-driver (0.7.3)
      websocket-extensions (>= 0.1.0)
    websocket-extensions (0.1.5)
    xpath (3.2.0)
      nokogiri (~> 1.8)
    zeitwerk (2.4.2)

PLATFORMS
  ruby

DEPENDENCIES
  actionpack-action_caching
  awesome_print
  better_errors
  binding_of_caller
  byebug
  capybara (>= 2.15)
  chromedriver-helper
  dotenv-rails
  jquery-rails
  listen (>= 3.0.5, < 3.2)
  parallel
  puma
  rails (~> 6.0.0)
  recap
  rspec-rails
  ruby-progressbar
  sassc-rails
  selenium-webdriver
  sitemap_generator
  slim-rails
  sqlite3
  tty-progressbar
  turbolinks (~> 5)
  tzinfo-data
  uglifier (>= 1.3.0)
  web-console (>= 3.3.0)
  webdrivers

BUNDLED WITH
   1.17.3
